{
	"Modality": "MR",
	"MagneticFieldStrength": 3,
	"Manufacturer": "Philips",
	"InstitutionName": "Johns Hopkins MS Center",
	"MRAcquisitionType": "3D",
	"SeriesDescription": "T2w",
	"ProtocolName": "T2w",
	"EchoTime": 0.006,
	"RepetitionTime": 0.010,
	"InversionTime": 0.835,
	"FlipAngle": 8,
	"SliceThickness": 1.1,
	"ConversionSoftware": "dcm2nii"
}
