{
	"Modality": "MR",
	"MagneticFieldStrength": 3,
	"Manufacturer": "Philips",
	"InstitutionName": "Johns Hopkins MS Center",
	"MRAcquisitionType": "3D",
	"SeriesDescription": "T1w",
	"ProtocolName": "T1w",
	"EchoTime": 0.080,
	"RepetitionTime": 4.2,
	"SliceThickness": 2.2,
	"ConversionSoftware": "dcm2nii"
}
